PATH
  remote: .
  specs:
    os (1.1.4)
      os

GEM
  remote: http://rubygems.org/
  specs:
    diff-lcs (1.5.0)
    power_assert (1.0.2)
    rake (12.3.3)
    rspec (3.12.0)
      rspec-core (~> 3.12.0)
      rspec-expectations (~> 3.12.0)
      rspec-mocks (~> 3.12.0)
    rspec-core (3.12.2)
      rspec-support (~> 3.12.0)
    rspec-expectations (3.12.3)
      diff-lcs (>= 1.2.0, < 2.0)
      rspec-support (~> 3.12.0)
    rspec-mocks (3.12.6)
      diff-lcs (>= 1.2.0, < 2.0)
      rspec-support (~> 3.12.0)
    rspec-support (3.12.1)
    test-unit (3.2.3)
      power_assert

PLATFORMS
  x86-mingw32
  x86_64-linux

DEPENDENCIES
  os!
  rake (~> 0.8)
  rspec (>= 2.0)
  test-unit (~> 3)

BUNDLED WITH
   2.1.4
